PATH
  remote: .
  specs:
    csa (0.0.3)

GEM
  remote: https://rubygems.org/
  specs:
    CFPropertyList (3.0.2)
    atomos (0.1.3)
    claide (1.0.3)
    cli-ui (1.3.0)
    colored2 (3.1.2)
    gli (2.19.2)
    nanaimo (0.3.0)
    rake (12.3.3)
    xcodeproj (1.18.0)
      CFPropertyList (>= 2.3.3, < 4.0)
      atomos (~> 0.1.3)
      claide (>= 1.0.2, < 2.0)
      colored2 (~> 3.1)
      nanaimo (~> 0.3.0)

PLATFORMS
  ruby

DEPENDENCIES
  cli-ui (~> 1.3)
  csa!
  gli (~> 2.19)
  rake (~> 12.0)
  xcodeproj (~> 1.18)

BUNDLED WITH
   2.1.4
